GIT
  remote: https://github.com/SettRaziel/ruby_utils
  revision: 1c1d135cc4daaa7f1fb278e5be94ebbba466274d
  specs:
    ruby_utils (0.0.1)

GIT
  remote: https://github.com/SettRaziel/wrf_library
  revision: 5bbc099bd47688945b00ade165fe96b985b91934
  specs:
    wrf_library (0.0.1)
      ruby_utils (~> 0.0.1)

GEM
  remote: https://rubygems.org/
  specs:
    coveralls (0.8.23)
      json (>= 1.8, < 3)
      simplecov (~> 0.16.1)
      term-ansicolor (~> 1.3)
      thor (>= 0.19.4, < 2.0)
      tins (~> 1.6)
    docile (1.3.2)
    json (2.3.0)
    simplecov (0.16.1)
      docile (~> 1.1)
      json (>= 1.8, < 3)
      simplecov-html (~> 0.10.0)
    simplecov-html (0.10.2)
    sync (0.5.0)
    term-ansicolor (1.7.1)
      tins (~> 1.0)
    thor (1.0.1)
    tins (1.24.1)
      sync

PLATFORMS
  ruby

DEPENDENCIES
  coveralls
  ruby_utils!
  wrf_library!

BUNDLED WITH
   2.1.4
