GIT
  remote: https://github.com/SettRaziel/ruby_utils
  revision: c4c576a253fd9c73f1f30120992857fe8e8de98e
  specs:
    ruby_utils (0.2.0)

GIT
  remote: https://github.com/SettRaziel/wrf_library
  revision: 41610d27520fdc233be2357b4d8749206843521b
  specs:
    wrf_library (0.4.0)
      ruby_utils (~> 0.2.0, >= 0.1.0)

PATH
  remote: .
  specs:
    wrf_forecast (0.2.2)
      ruby_utils (~> 0.2.0, >= 0.2.0)
      wrf_library (~> 0.4.0, >= 0.4.0)

GEM
  remote: https://rubygems.org/
  specs:
    diff-lcs (1.4.4)
    docile (1.4.0)
    rake (13.0.3)
    rspec (3.10.0)
      rspec-core (~> 3.10.0)
      rspec-expectations (~> 3.10.0)
      rspec-mocks (~> 3.10.0)
    rspec-core (3.10.1)
      rspec-support (~> 3.10.0)
    rspec-expectations (3.10.1)
      diff-lcs (>= 1.2.0, < 2.0)
      rspec-support (~> 3.10.0)
    rspec-mocks (3.10.2)
      diff-lcs (>= 1.2.0, < 2.0)
      rspec-support (~> 3.10.0)
    rspec-support (3.10.2)
    simplecov (0.21.2)
      docile (~> 1.1)
      simplecov-html (~> 0.11)
      simplecov_json_formatter (~> 0.1)
    simplecov-html (0.12.3)
    simplecov_json_formatter (0.1.3)

PLATFORMS
  ruby

DEPENDENCIES
  rake (~> 13.0, >= 13.0.1)
  rspec (~> 3.9, >= 3.9.0)
  ruby_utils!
  simplecov
  wrf_forecast!
  wrf_library!

BUNDLED WITH
   2.1.4
