GIT
  remote: https://github.com/SettRaziel/ruby_utils
  revision: 6ba4d9a76f338b6ae1f6fb0472d56f193d50bab2
  specs:
    ruby_utils (0.2.1)

GIT
  remote: https://github.com/SettRaziel/wrf_library
  revision: 3bb19c809c87cddd03dec2fa101474af4274eec5
  specs:
    wrf_library (0.5.1)
      ruby_utils (~> 0.2.0, >= 0.1.0)

PATH
  remote: .
  specs:
    wrf_forecast (0.2.2)
      i18n (~> 1.8.9, >= 1.8.9)
      ruby_utils (~> 0.2.0, >= 0.2.0)
      wrf_library (~> 0.5.0, >= 0.5.0)

GEM
  remote: https://rubygems.org/
  specs:
    concurrent-ruby (1.1.9)
    diff-lcs (1.4.4)
    docile (1.4.0)
    i18n (1.8.10)
      concurrent-ruby (~> 1.0)
    rake (13.0.6)
    rspec (3.10.0)
      rspec-core (~> 3.10.0)
      rspec-expectations (~> 3.10.0)
      rspec-mocks (~> 3.10.0)
    rspec-core (3.10.1)
      rspec-support (~> 3.10.0)
    rspec-expectations (3.10.1)
      diff-lcs (>= 1.2.0, < 2.0)
      rspec-support (~> 3.10.0)
    rspec-mocks (3.10.2)
      diff-lcs (>= 1.2.0, < 2.0)
      rspec-support (~> 3.10.0)
    rspec-support (3.10.2)
    simplecov (0.21.2)
      docile (~> 1.1)
      simplecov-html (~> 0.11)
      simplecov_json_formatter (~> 0.1)
    simplecov-html (0.12.3)
    simplecov_json_formatter (0.1.3)

PLATFORMS
  ruby

DEPENDENCIES
  rake (~> 13.0, >= 13.0.1)
  rspec (~> 3.9, >= 3.9.0)
  ruby_utils!
  simplecov
  wrf_forecast!
  wrf_library!

BUNDLED WITH
   2.1.4
